GEM
  remote: https://rubygems.org/
  specs:
    aws-sdk (2.0.47)
      aws-sdk-resources (= 2.0.47)
    aws-sdk-core (2.0.47)
      builder (~> 3.0)
      jmespath (~> 1.0)
      multi_json (~> 1.0)
    aws-sdk-resources (2.0.47)
      aws-sdk-core (= 2.0.47)
    barby (0.6.2)
    bouncy-castle-java (1.5.0147)
    builder (3.2.2)
    ffi (1.3.1)
    ffi (1.3.1-java)
    jmespath (1.0.2)
      multi_json (~> 1.0)
    json (1.6.8)
    json (1.6.8-java)
    multi_json (1.11.0)
    nokogiri (1.4.7)
    nokogiri (1.4.7-java)
      weakling (>= 0.0.3)
    pdf-core (0.1.6)
    prawn (0.15.0)
      pdf-core (~> 0.1.3)
      ttfunk (~> 1.1.0)
    rack (1.6.1)
    rack-protection (1.5.3)
      rack
    rcov (0.9.11)
    rcov (0.9.11-java)
    sinatra (1.4.6)
      rack (~> 1.4)
      rack-protection (~> 1.4)
      tilt (>= 1.3, < 3)
    tilt (2.0.1)
    ttfunk (1.1.1)
    weakling (0.0.4-java)

PLATFORMS
  java
  ruby

DEPENDENCIES
  aws-sdk
  barby (~> 0.6.0)
  bouncy-castle-java (~> 1.5.0147)
  ffi (~> 1.3.0)
  json (~> 1.6.8)
  nokogiri (~> 1.4.4)
  prawn (~> 0.15.0)
  rcov (~> 0.9.9)
  sinatra (~> 1.4.5)

BUNDLED WITH
   1.10.3
